PATH
  remote: .
  specs:
    gem_polisher (0.4.12)
      agita (~> 0.1)
      semantic (~> 1.4, >= 1.4.1)

GEM
  remote: https://rubygems.org/
  specs:
    agita (0.4.0)
    diff-lcs (1.2.5)
    docile (1.1.5)
    json (1.8.3)
    rake (10.5.0)
    rdoc (4.2.2)
      json (~> 1.4)
    rspec (3.4.0)
      rspec-core (~> 3.4.0)
      rspec-expectations (~> 3.4.0)
      rspec-mocks (~> 3.4.0)
    rspec-core (3.4.4)
      rspec-support (~> 3.4.0)
    rspec-expectations (3.4.0)
      diff-lcs (>= 1.2.0, < 2.0)
      rspec-support (~> 3.4.0)
    rspec-mocks (3.4.1)
      diff-lcs (>= 1.2.0, < 2.0)
      rspec-support (~> 3.4.0)
    rspec-support (3.4.1)
    semantic (1.4.1)
    simplecov (0.11.2)
      docile (~> 1.1.0)
      json (~> 1.8)
      simplecov-html (~> 0.10.0)
    simplecov-html (0.10.0)

PLATFORMS
  ruby

DEPENDENCIES
  gem_polisher!
  rake (~> 10.4)
  rdoc (~> 4.2)
  rspec (~> 3.4)
  simplecov (~> 0.11, >= 0.11.1)

BUNDLED WITH
   1.11.2
